PATH
  remote: .
  specs:
    bg_results (0.1.0)
      connection_pool (~> 2.0)
      redis

GEM
  remote: https://rubygems.org/
  specs:
    connection_pool (2.2.2)
    fakeredis (0.7.0)
      redis (>= 3.2, < 5.0)
    minitest (5.11.3)
    rake (13.0.1)
    redis (4.0.3)

PLATFORMS
  ruby

DEPENDENCIES
  bg_results!
  bundler (~> 1.16)
  fakeredis (~> 0.7)
  minitest (~> 5.0)
  rake (~> 13.0)

BUNDLED WITH
   1.17.1
